PATH
  remote: .
  specs:
    gem_tutorial (0.0.1)
      sdoc (= 0.2.20)

GEM
  remote: http://rubygems.org/
  specs:
    json (1.5.1)
    rdoc (2.4.3)
    sdoc (0.2.20)
      json (>= 1.1.3)
      rdoc (= 2.4.3)

PLATFORMS
  ruby

DEPENDENCIES
  gem_tutorial!
